GEM
  specs:
    activesupport (3.0.4)
    diff-lcs (1.1.2)
    json (1.5.1)
    mocha (0.9.12)
    rake (0.8.7)
    rspec (2.5.0)
      rspec-core (~> 2.5.0)
      rspec-expectations (~> 2.5.0)
      rspec-mocks (~> 2.5.0)
    rspec-core (2.5.1)
    rspec-expectations (2.5.0)
      diff-lcs (~> 1.1.2)
    rspec-mocks (2.5.0)
    sishen-rtranslate (1.5)
      activesupport (>= 2.2.0)
      json (>= 1.1.3)

PLATFORMS
  ruby

DEPENDENCIES
  mocha
  rake
  rspec
  sishen-rtranslate
