PATH
  remote: .
  specs:
    autolang (0.2.0)
      easy_translate
      i18n

GEM
  remote: https://rubygems.org/
  specs:
    bump (0.5.0)
    diff-lcs (1.2.5)
    easy_translate (0.5.0)
      json
      thread
      thread_safe
    i18n (0.6.9)
    json (1.8.1)
    mocha (0.9.12)
    rake (10.3.1)
    rspec (2.14.1)
      rspec-core (~> 2.14.0)
      rspec-expectations (~> 2.14.0)
      rspec-mocks (~> 2.14.0)
    rspec-core (2.14.8)
    rspec-expectations (2.14.5)
      diff-lcs (>= 1.1.3, < 2.0)
    rspec-mocks (2.14.6)
    thread (0.1.4)
    thread_safe (0.3.3)

PLATFORMS
  ruby

DEPENDENCIES
  autolang!
  bump
  mocha
  rake
  rspec
